GEM
  remote: http://rubygems.org/
  specs:
    bacon (1.1.0)
    cocoapods (0.5.1)
      xcodeproj (~> 0.1.0)
    rake (0.9.2.2)
    xcodeproj (0.1.0)

PLATFORMS
  ruby

DEPENDENCIES
  bacon
  cocoapods
  rake
