GEM
  remote: http://rubygems.org/
  specs:
    bacon (1.1.0)
    cocoapods (0.5.1)
      xcodeproj (~> 0.1.0)
    kicker (2.5.0)
      rb-fsevent
    rake (0.9.2.2)
    rb-fsevent (0.4.3.1)
    xcodeproj (0.1.0)

PLATFORMS
  ruby

DEPENDENCIES
  bacon
  cocoapods
  kicker
  rake
