GEM
  remote: http://rubygems.org/
  specs:
    bacon (1.1.0)
    cocoapods (0.5.1)
      xcodeproj (~> 0.1.0)
    metaclass (0.0.1)
    mocha (0.11.4)
      metaclass (~> 0.0.1)
    mocha-on-bacon (0.2.0)
      mocha (>= 0.9.8)
    xcodeproj (0.1.0)

PLATFORMS
  ruby

DEPENDENCIES
  bacon
  cocoapods
  mocha
  mocha-on-bacon
